GEM
  remote: https://rubygems.org/
  specs:
    matplotlib (1.1.0)
      pycall (>= 1.0.0)
    pycall (1.3.1)
    sqlite3 (1.4.2)

PLATFORMS
  ruby

DEPENDENCIES
  matplotlib
  sqlite3

BUNDLED WITH
   2.1.4
