GEM
  remote: https://rubygems.org/
  specs:
    diff-lcs (1.4.4)
    matplotlib (1.1.0)
      pycall (>= 1.0.0)
    pycall (1.3.1)
    rspec (3.10.0)
      rspec-core (~> 3.10.0)
      rspec-expectations (~> 3.10.0)
      rspec-mocks (~> 3.10.0)
    rspec-core (3.10.1)
      rspec-support (~> 3.10.0)
    rspec-expectations (3.10.1)
      diff-lcs (>= 1.2.0, < 2.0)
      rspec-support (~> 3.10.0)
    rspec-mocks (3.10.2)
      diff-lcs (>= 1.2.0, < 2.0)
      rspec-support (~> 3.10.0)
    rspec-support (3.10.2)
    sqlite3 (1.4.2)

PLATFORMS
  ruby

DEPENDENCIES
  matplotlib
  rspec
  sqlite3

BUNDLED WITH
   2.1.4
